PATH
  remote: .
  specs:
    ruby-xcdm (0.0.8)
      activesupport (~> 3.2)
      builder (~> 3.2)
      plist (~> 3.1)

GEM
  remote: https://rubygems.org/
  specs:
    activesupport (3.2.17)
      i18n (~> 0.6, >= 0.6.4)
      multi_json (~> 1.0)
    ansi (1.4.3)
    builder (3.2.0)
    i18n (0.6.9)
    multi_json (1.9.2)
    plist (3.1.0)
    rake (10.0.4)
    turn (0.9.6)
      ansi

PLATFORMS
  ruby

DEPENDENCIES
  activesupport
  builder
  plist
  rake
  ruby-xcdm!
  turn
